GIT
  remote: https://github.com/Compass/compass-rails.git
  revision: 36eebc69253f2bb6bb236b13373aff4f7cc11928
  tag: 36eebc69
  specs:
    compass-rails (2.0.0)
      compass (>= 0.12.2)

GIT
  remote: https://github.com/collectiveidea/awesome_nested_set.git
  revision: a4c1ec42d87736938724e000835d4a910ee5ae09
  tag: a4c1ec42d
  specs:
    awesome_nested_set (3.0.0)
      activerecord (>= 4.0.0, < 5)

GIT
  remote: https://github.com/rails/sass-rails.git
  revision: 423178729e7b84addcee78b33891644b1fc1705b
  tag: 423178729
  specs:
    sass-rails (5.0.0.beta1)
      railties (>= 4.0.0, < 5.0)
      sass (~> 3.2)
      sprockets (~> 2.12)
      sprockets-rails (>= 2.0, < 4.0)

GIT
  remote: https://github.com/the-teacher/the_sortable_tree.git
  revision: fa1ceac3ca2e44a3ce78f76bf3e1f247b201539c
  tag: fa1ceac3ca
  specs:
    the_sortable_tree (2.5.0)
      rails (>= 3.1)

GIT
  remote: https://github.com/twbs/bootstrap-sass.git
  revision: 54317e5c02a4915e7a5def3a3e94cc2738a51ed3
  tag: 54317e5c
  specs:
    bootstrap-sass (3.2.0.1)
      sass (~> 3.2)

PATH
  remote: X_GEMS/crop_tool
  specs:
    crop_tool (0.0.1)
      image_tools

PATH
  remote: X_GEMS/image_tools
  specs:
    image_tools (0.0.1)
      mini_magick

PATH
  remote: X_GEMS/log_js
  specs:
    log_js (0.0.2)
      coffee-rails

PATH
  remote: X_GEMS/mail_helper
  specs:
    mail_helper (0.0.1)

PATH
  remote: X_GEMS/notifications
  specs:
    notifications (0.5.1)
      slim

PATH
  remote: X_GEMS/pagination
  specs:
    pagination (0.0.1)

PATH
  remote: X_GEMS/protozaur_theme
  specs:
    protozaur_theme (0.1.0)

PATH
  remote: X_GEMS/protozaur
  specs:
    protozaur (0.1.0)

PATH
  remote: X_GEMS/rails_shop
  specs:
    rails_shop (0.0.1)

PATH
  remote: X_GEMS/role_slim_js
  specs:
    role_slim_js (0.0.1)

PATH
  remote: X_GEMS/simple_sort
  specs:
    simple_sort (0.0.2)

PATH
  remote: X_GEMS/table_holy_grail_layout
  specs:
    table_holy_grail_layout (0.1.0)

PATH
  remote: X_GEMS/the_audit
  specs:
    the_audit (0.0.2)
      haml

PATH
  remote: X_GEMS/the_comments
  specs:
    the_comments (2.3.0)
      state_machine (~> 1.2.0)
      the_sortable_tree (~> 2.5.0)

PATH
  remote: X_GEMS/the_storages
  specs:
    the_storages (0.0.2)
      image_tools
      paperclip
      state_machine
      the_sortable_tree
      to_slug_param

PATH
  remote: X_GEMS/the_string_addon
  specs:
    the_string_addon (0.0.1)

PATH
  remote: X_GEMS/to_slug_param
  specs:
    to_slug_param (1.2)
      rails-i18n (~> 4.0.0.pre)
      stringex (~> 2.5.2)

PATH
  remote: X_GEMS/user_room
  specs:
    user_room (0.1.0)
      crop_tool
      devise
      haml
      image_tools
      log_js
      mini_magick
      omniauth-facebook
      omniauth-google-oauth2
      omniauth-odnoklassniki
      omniauth-twitter
      omniauth-vkontakte
      pagination
      paperclip
      protozaur
      protozaur_theme
      rails_config
      role_slim_js
      simple_sort
      slim
      table_holy_grail_layout
      to_slug_param

PATH
  remote: plugins/friendly_id_pack
  specs:
    friendly_id_pack (0.0.1)
      to_slug_param

GEM
  remote: https://rubygems.org/
  specs:
    RedCloth (4.2.9)
    actionmailer (4.2.7.1)
      actionpack (= 4.2.7.1)
      actionview (= 4.2.7.1)
      activejob (= 4.2.7.1)
      mail (~> 2.5, >= 2.5.4)
      rails-dom-testing (~> 1.0, >= 1.0.5)
    actionpack (4.2.7.1)
      actionview (= 4.2.7.1)
      activesupport (= 4.2.7.1)
      rack (~> 1.6)
      rack-test (~> 0.6.2)
      rails-dom-testing (~> 1.0, >= 1.0.5)
      rails-html-sanitizer (~> 1.0, >= 1.0.2)
    actionview (4.2.7.1)
      activesupport (= 4.2.7.1)
      builder (~> 3.1)
      erubis (~> 2.7.0)
      rails-dom-testing (~> 1.0, >= 1.0.5)
      rails-html-sanitizer (~> 1.0, >= 1.0.2)
    actionview-encoded_mail_to (1.0.4)
      rails
    activejob (4.2.7.1)
      activesupport (= 4.2.7.1)
      globalid (>= 0.3.0)
    activemodel (4.2.7.1)
      activesupport (= 4.2.7.1)
      builder (~> 3.1)
    activerecord (4.2.7.1)
      activemodel (= 4.2.7.1)
      activesupport (= 4.2.7.1)
      arel (~> 6.0)
    activesupport (4.2.7.1)
      i18n (~> 0.7)
      json (~> 1.7, >= 1.7.7)
      minitest (~> 5.1)
      thread_safe (~> 0.3, >= 0.3.4)
      tzinfo (~> 1.1)
    acts-as-taggable-on (3.5.0)
      activerecord (>= 3.2, < 5)
    addressable (2.3.8)
    ansi (1.5.0)
    arel (6.0.4)
    autoprefixer-rails (3.0.0.20140821)
      execjs
    bcrypt (3.1.10)
    better_errors (2.0.0)
      coderay (>= 1.0.0)
      erubis (>= 2.6.6)
      rack (>= 0.9.0)
    binding_of_caller (0.7.2)
      debug_inspector (>= 0.0.1)
    browser (0.6.0)
    builder (3.2.3)
    byebug (2.7.0)
      columnize (~> 0.3)
      debugger-linecache (~> 1.2)
    celluloid (0.17.4)
      celluloid-essentials
      celluloid-extras
      celluloid-fsm
      celluloid-pool
      celluloid-supervision
      timers (>= 4.1.1)
    celluloid-essentials (0.20.5)
      timers (>= 4.1.1)
    celluloid-extras (0.20.5)
      timers (>= 4.1.1)
    celluloid-fsm (0.20.5)
      timers (>= 4.1.1)
    celluloid-pool (0.20.5)
      timers (>= 4.1.1)
    celluloid-supervision (0.20.6)
      timers (>= 4.1.1)
    chronic (0.10.2)
    chunky_png (1.4.0)
    climate_control (0.0.3)
      activesupport (>= 3.0)
    cocaine (0.5.4)
      climate_control (>= 0.0.3, < 1.0)
    coderay (1.1.0)
    coffee-rails (4.0.1)
      coffee-script (>= 2.2.0)
      railties (>= 4.0.0, < 5.0)
    coffee-script (2.3.0)
      coffee-script-source
      execjs
    coffee-script-source (1.7.1)
    colorize (0.8.1)
    columnize (0.8.9)
    compass (1.0.3)
      chunky_png (~> 1.2)
      compass-core (~> 1.0.2)
      compass-import-once (~> 1.0.5)
      rb-fsevent (>= 0.9.3)
      rb-inotify (>= 0.9)
      sass (>= 3.3.13, < 3.5)
    compass-core (1.0.3)
      multi_json (~> 1.0)
      sass (>= 3.3.0, < 3.5)
    compass-import-once (1.0.5)
      sass (>= 3.2, < 3.5)
    concurrent-ruby (1.1.5)
    connection_pool (2.2.5)
    crass (0.2.1)
    css_parser (1.3.6)
      addressable
    database_cleaner (1.3.0)
    debug_inspector (0.0.2)
    debugger-linecache (1.2.0)
    devise (3.5.2)
      bcrypt (~> 3.0)
      orm_adapter (~> 0.1)
      railties (>= 3.2.6, < 5)
      responders
      thread_safe (~> 0.1)
      warden (~> 1.2.3)
    erubis (2.7.0)
    exception_notification (4.0.1)
      actionmailer (>= 3.0.4)
      activesupport (>= 3.0.4)
    execjs (2.2.1)
    exifr (1.2.5)
    factory_girl (4.4.0)
      activesupport (>= 3.0.0)
    faker (1.4.3)
      i18n (~> 0.5)
    faraday (2.7.1)
      faraday-net_http (>= 2.0, < 3.1)
      ruby2_keywords (>= 0.0.4)
    faraday-net_http (3.0.2)
    ffi (1.15.5)
    font-awesome-sass (4.1.0)
      sass (~> 3.2)
    foreman (0.82.0)
      thor (~> 0.19.1)
    fspath (3.0.3)
    gibbon (3.4.4)
      faraday (>= 1.0)
      multi_json (>= 1.11.0)
    globalid (0.4.1)
      activesupport (>= 4.2.0)
    haml (4.0.5)
      tilt
    hashie (5.0.0)
    hike (1.2.3)
    htmlentities (4.3.4)
    i18n (0.9.5)
      concurrent-ruby (~> 1.0)
    image_optim (0.24.2)
      exifr (~> 1.2, >= 1.2.2)
      fspath (~> 3.0)
      image_size (~> 1.5)
      in_threads (~> 1.3)
      progress (~> 3.0, >= 3.0.1)
    image_size (1.5.0)
    in_threads (1.3.1)
    innertube (1.1.0)
    jbuilder (1.0.2)
      activesupport (>= 3.0.0)
    joiner (0.3.4)
      activerecord (>= 4.1.0)
    jquery-rails (4.0.4)
      rails-dom-testing (~> 1.0)
      railties (>= 4.2.0)
      thor (>= 0.14, < 2.0)
    jquery-ui-rails (5.0.0)
      railties (>= 3.2.16)
    json (1.8.6)
    jwt (2.5.0)
    kaminari (0.16.1)
      actionpack (>= 3.0.0)
      activesupport (>= 3.0.0)
    launchy (2.4.3)
      addressable (~> 2.3)
    letter_opener (1.4.1)
      launchy (~> 2.2)
    loofah (2.0.3)
      nokogiri (>= 1.5.9)
    m (1.3.4)
      method_source (>= 0.6.7)
      rake (>= 0.9.2.2)
    mail (2.7.0)
      mini_mime (>= 0.1.1)
    method_source (0.8.2)
    middleware (0.1.0)
    mime-types (3.1)
      mime-types-data (~> 3.2015)
    mime-types-data (3.2016.0521)
    mini_magick (4.2.7)
    mini_mime (1.0.0)
    mini_portile2 (2.3.0)
    minitest (5.11.3)
    minitest-rails (2.2.0)
      minitest (~> 5.7)
      railties (~> 4.1)
    minitest-reporters (1.0.19)
      ansi
      builder
      minitest (>= 5.0)
      ruby-progressbar
    multi_json (1.15.0)
    multi_xml (0.6.0)
    mysql2 (0.5.2)
    nokogiri (1.8.1)
      mini_portile2 (~> 2.3.0)
    nokogumbo (1.1.9)
      nokogiri
    oauth (0.4.7)
    oauth2 (2.0.9)
      faraday (>= 0.17.3, < 3.0)
      jwt (>= 1.0, < 3.0)
      multi_xml (~> 0.5)
      rack (>= 1.2, < 4)
      snaky_hash (~> 2.0)
      version_gem (~> 1.1)
    omniauth (1.9.2)
      hashie (>= 3.4.6)
      rack (>= 1.6.2, < 3)
    omniauth-facebook (2.0.0)
      omniauth-oauth2 (~> 1.2)
    omniauth-google-oauth2 (0.2.5)
      omniauth (> 1.0)
      omniauth-oauth2 (~> 1.1)
    omniauth-oauth (1.0.1)
      oauth
      omniauth (~> 1.0)
    omniauth-oauth2 (1.7.3)
      oauth2 (>= 1.4, < 3)
      omniauth (>= 1.9, < 3)
    omniauth-odnoklassniki (0.0.4)
      omniauth (~> 1.0)
      omniauth-oauth2 (~> 1.0)
    omniauth-twitter (1.0.1)
      multi_json (~> 1.3)
      omniauth-oauth (~> 1.0)
    omniauth-vkontakte (1.3.2)
      multi_json
      omniauth (~> 1.0)
      omniauth-oauth2 (~> 1.1)
    orm_adapter (0.5.0)
    paperclip (4.2.0)
      activemodel (>= 3.0.0)
      activesupport (>= 3.0.0)
      cocaine (~> 0.5.3)
      mime-types
    pg (0.19.0)
    premailer (1.8.4)
      css_parser (>= 1.3.6)
      htmlentities (>= 4.0.0)
    premailer-rails (1.8.2)
      actionmailer (>= 3, < 5)
      premailer (~> 1.7, >= 1.7.9)
    progress (3.3.0)
    pry (0.10.1)
      coderay (~> 1.1.0)
      method_source (~> 0.8.1)
      slop (~> 3.4)
    pry-byebug (1.3.3)
      byebug (~> 2.7)
      pry (~> 0.10)
    puma (3.11.2)
    quiet_assets (1.0.3)
      railties (>= 3.1, < 5.0)
    rack (1.6.13)
    rack-test (0.6.3)
      rack (>= 1.0)
    rails (4.2.7.1)
      actionmailer (= 4.2.7.1)
      actionpack (= 4.2.7.1)
      actionview (= 4.2.7.1)
      activejob (= 4.2.7.1)
      activemodel (= 4.2.7.1)
      activerecord (= 4.2.7.1)
      activesupport (= 4.2.7.1)
      bundler (>= 1.3.0, < 2.0)
      railties (= 4.2.7.1)
      sprockets-rails
    rails-deprecated_sanitizer (1.0.3)
      activesupport (>= 4.2.0.alpha)
    rails-dom-testing (1.0.9)
      activesupport (>= 4.2.0, < 5.0)
      nokogiri (~> 1.6)
      rails-deprecated_sanitizer (>= 1.0.1)
    rails-html-sanitizer (1.0.3)
      loofah (~> 2.0)
    rails-i18n (4.0.9)
      i18n (~> 0.7)
      railties (~> 4.0)
    rails_autolink (1.1.6)
      rails (> 3.1)
    rails_config (0.4.2)
      activesupport (>= 3.0)
    railties (4.2.7.1)
      actionpack (= 4.2.7.1)
      activesupport (= 4.2.7.1)
      rake (>= 0.8.7)
      thor (>= 0.18.1, < 2.0)
    rake (12.3.0)
    rb-fsevent (0.11.2)
    rb-inotify (0.10.1)
      ffi (~> 1.0)
    redis (3.2.1)
    redis-namespace (1.6.0)
      redis (>= 3.0.4)
    responders (2.1.0)
      railties (>= 4.2.0, < 5)
    riddle (2.4.3)
    role_block_haml (0.2.4)
      haml (~> 4.0)
    route_downcaser (1.1.4)
    ruby-progressbar (1.7.5)
    ruby2_keywords (0.0.5)
    sanitize (3.0.0)
      crass (~> 0.2.0)
      nokogiri (>= 1.4.4)
      nokogumbo (= 1.1.9)
    sass (3.4.1)
    seedbank (0.3.0)
    sidekiq (3.5.0)
      celluloid (~> 0.17.0)
      connection_pool (~> 2.2, >= 2.2.0)
      json (~> 1.0)
      redis (~> 3.2, >= 3.2.1)
      redis-namespace (~> 1.5, >= 1.5.2)
    slim (3.0.6)
      temple (~> 0.7.3)
      tilt (>= 1.3.3, < 2.1)
    slim-rails (0.2.1)
      slim (>= 0.9.2)
    slop (3.6.0)
    snaky_hash (2.0.1)
      hashie
      version_gem (~> 1.1, >= 1.1.1)
    sprockets (2.12.4)
      hike (~> 1.2)
      multi_json (~> 1.0)
      rack (~> 1.0)
      tilt (~> 1.1, != 1.3.0)
    sprockets-rails (2.3.3)
      actionpack (>= 3.0)
      activesupport (>= 3.0)
      sprockets (>= 2.8, < 4.0)
    state_machine (1.2.0)
    stringex (2.5.2)
    temple (0.7.6)
    thinking-sphinx (5.4.0)
      activerecord (>= 4.2.0)
      builder (>= 2.1.2)
      innertube (>= 1.0.2)
      joiner (>= 0.3.4)
      middleware (>= 0.1.0)
      riddle (~> 2.3)
    thor (0.19.4)
    thread_safe (0.3.6)
    tilt (1.4.1)
    timers (4.3.5)
    truncato (0.7.10)
      htmlentities (~> 4.3.1)
      nokogiri (~> 1.8.0, >= 1.7.0)
    turbolinks (2.5.3)
      coffee-rails
    tzinfo (1.2.5)
      thread_safe (~> 0.1)
    uglifier (2.5.3)
      execjs (>= 0.3.0)
      json (>= 1.8.0)
    version_gem (1.1.1)
    warden (1.2.3)
      rack (>= 1.0)
    whenever (0.9.2)
      activesupport (>= 2.3.4)
      chronic (>= 0.6.3)

PLATFORMS
  ruby

DEPENDENCIES
  RedCloth (= 4.2.9)
  actionview-encoded_mail_to (= 1.0.4)
  acts-as-taggable-on (= 3.5.0)
  autoprefixer-rails (= 3.0.0.20140821)
  awesome_nested_set!
  better_errors (= 2.0.0)
  binding_of_caller (= 0.7.2)
  bootstrap-sass!
  browser (= 0.6.0)
  coffee-rails (= 4.0.1)
  colorize (= 0.8.1)
  compass-rails!
  crop_tool!
  database_cleaner (= 1.3.0)
  devise (= 3.5.2)
  exception_notification (= 4.0.1)
  factory_girl (= 4.4.0)
  faker (= 1.4.3)
  font-awesome-sass (= 4.1.0)
  foreman (= 0.82.0)
  friendly_id_pack!
  gibbon (= 3.4.4)
  haml (= 4.0.5)
  image_optim (= 0.24.2)
  image_tools!
  jbuilder (= 1.0.2)
  jquery-rails (= 4.0.4)
  jquery-ui-rails (= 5.0.0)
  kaminari (= 0.16.1)
  letter_opener (= 1.4.1)
  log_js!
  m (= 1.3.4)
  mail_helper!
  mini_magick (= 4.2.7)
  minitest-rails (= 2.2.0)
  minitest-reporters (= 1.0.19)
  mysql2 (= 0.5.2)
  nokogiri (= 1.8.1)
  notifications!
  omniauth-facebook (= 2.0.0)
  omniauth-google-oauth2 (= 0.2.5)
  omniauth-odnoklassniki (= 0.0.4)
  omniauth-twitter (= 1.0.1)
  omniauth-vkontakte (= 1.3.2)
  pagination!
  paperclip (= 4.2.0)
  pg (= 0.19.0)
  premailer-rails (= 1.8.2)
  protozaur!
  protozaur_theme!
  pry (= 0.10.1)
  pry-byebug (= 1.3.3)
  puma (= 3.11.2)
  quiet_assets (= 1.0.3)
  rails (= 4.2.7.1)
  rails_autolink (= 1.1.6)
  rails_config (= 0.4.2)
  rails_shop!
  redis (= 3.2.1)
  role_block_haml (= 0.2.4)
  role_slim_js!
  route_downcaser (= 1.1.4)
  sanitize (= 3.0.0)
  sass (= 3.4.1)
  sass-rails!
  seedbank (= 0.3.0)
  sidekiq (= 3.5.0)
  simple_sort!
  slim (= 3.0.6)
  slim-rails (= 0.2.1)
  state_machine (~> 1.2.0)
  table_holy_grail_layout!
  the_audit!
  the_comments!
  the_sortable_tree!
  the_storages!
  the_string_addon!
  thinking-sphinx (= 5.4.0)
  to_slug_param!
  truncato (= 0.7.10)
  turbolinks (= 2.5.3)
  uglifier (= 2.5.3)
  user_room!
  whenever (= 0.9.2)

BUNDLED WITH
   1.17.3
